PATH
  remote: .
  specs:
    investment-tracking-domain (0.0.1)

GEM
  remote: https://rubygems.org/
  specs:
    docile (1.1.5)
    json (1.8.3)
    minitest (5.8.4)
    rake (10.5.0)
    simplecov (0.11.1)
      docile (~> 1.1.0)
      json (~> 1.8)
      simplecov-html (~> 0.10.0)
    simplecov-html (0.10.0)

PLATFORMS
  ruby

DEPENDENCIES
  investment-tracking-domain!
  minitest (~> 5.8.3)
  rake (~> 10.5.0)
  simplecov (~> 0.11.1)

BUNDLED WITH
   1.11.2
